PATH
  remote: .
  specs:
    ruby-pardot (1.4.0)
      crack (= 0.4.3)
      httparty (~> 0.14.0)

GEM
  remote: https://rubygems.org/
  specs:
    crack (0.4.3)
      safe_yaml (~> 1.0.0)
    diff-lcs (1.4.4)
    fakeweb (1.3.0)
    httparty (0.14.0)
      multi_xml (>= 0.5.2)
    multi_xml (0.6.0)
    rspec (3.5.0)
      rspec-core (~> 3.5.0)
      rspec-expectations (~> 3.5.0)
      rspec-mocks (~> 3.5.0)
    rspec-core (3.5.4)
      rspec-support (~> 3.5.0)
    rspec-expectations (3.5.0)
      diff-lcs (>= 1.2.0, < 2.0)
      rspec-support (~> 3.5.0)
    rspec-mocks (3.5.0)
      diff-lcs (>= 1.2.0, < 2.0)
      rspec-support (~> 3.5.0)
    rspec-support (3.5.0)
    safe_yaml (1.0.5)

PLATFORMS
  ruby

DEPENDENCIES
  bundler (>= 1.10)
  fakeweb (= 1.3.0)
  rspec (= 3.5.0)
  ruby-pardot!

BUNDLED WITH
   1.10.0
